GEM
  remote: https://rubygems.org/
  specs:
    gene_pool (1.3.0)
    jruby-jms (1.0.0)
      gene_pool

PLATFORMS
  java

DEPENDENCIES
  jruby-jms
